GEM
  remote: https://rubygems.org/
  specs:
    faraday (0.16.2)
      multipart-post (>= 1.2, < 3)
    google-protobuf (3.17.3)
    multipart-post (2.1.1)
    mustermann (1.0.3)
    opentelemetry-api (1.0.2)
    opentelemetry-common (0.19.3)
      opentelemetry-api (~> 1.0)
    opentelemetry-exporter-otlp (0.20.1)
      google-protobuf (~> 3.7)
      opentelemetry-api (~> 1.0.0.rc2)
      opentelemetry-common (~> 0.19.0)
      opentelemetry-sdk (~> 1.0.0.rc2)
    opentelemetry-instrumentation-base (0.20.0)
      opentelemetry-api (~> 1.0)
    opentelemetry-sdk (1.0.3)
      opentelemetry-api (~> 1.0)
      opentelemetry-common (~> 0.19.3)
      opentelemetry-instrumentation-base (~> 0.20.0)
      opentelemetry-semantic_conventions
    opentelemetry-semantic_conventions (1.8.0)
      opentelemetry-api (~> 1.0)
    rack (2.2.3)
    rack-protection (2.0.7)
      rack
    sinatra (2.0.7)
      mustermann (~> 1.0)
      rack (~> 2.0)
      rack-protection (= 2.0.7)
      tilt (~> 2.0)
    tilt (2.0.10)

PLATFORMS
  ruby

DEPENDENCIES
  faraday (~> 0.16.1)
  opentelemetry-api
  opentelemetry-common
  opentelemetry-exporter-otlp
  opentelemetry-sdk
  sinatra (~> 2.0)

BUNDLED WITH
   2.2.25
